PATH
  remote: .
  specs:
    fun_translations (0.0.1)
      faraday (~> 2.6)
      zeitwerk (~> 2.4)

GEM
  remote: http://rubygems.org/
  specs:
    diff-lcs (1.5.1)
    docile (1.4.0)
    faraday (2.9.1)
      faraday-net_http (>= 2.0, < 3.2)
    faraday-net_http (3.1.0)
      net-http
    net-http (0.4.1)
      uri
    rspec (3.13.0)
      rspec-core (~> 3.13.0)
      rspec-expectations (~> 3.13.0)
      rspec-mocks (~> 3.13.0)
    rspec-core (3.13.0)
      rspec-support (~> 3.13.0)
    rspec-expectations (3.13.1)
      diff-lcs (>= 1.2.0, < 2.0)
      rspec-support (~> 3.13.0)
    rspec-mocks (3.13.1)
      diff-lcs (>= 1.2.0, < 2.0)
      rspec-support (~> 3.13.0)
    rspec-support (3.13.1)
    simplecov (0.22.0)
      docile (~> 1.1)
      simplecov-html (~> 0.11)
      simplecov_json_formatter (~> 0.1)
    simplecov-html (0.12.3)
    simplecov_json_formatter (0.1.4)
    uri (0.13.0)
    zeitwerk (2.6.15)

PLATFORMS
  x64-mingw-ucrt

DEPENDENCIES
  fun_translations!
  rspec (~> 3.12)
  simplecov (~> 0.21)

BUNDLED WITH
   2.4.20
